GEM
  remote: https://rubygems.org/
  specs:
    cowsay (0.3.0)

PLATFORMS
  arm64-darwin-21

DEPENDENCIES
  cowsay (~> 0.3.0)

BUNDLED WITH
   2.3.7
